GEM
  remote: https://rubygems.org/
  specs:
    backports (3.6.8)
    byebug (11.0.1)
    coderay (1.1.2)
    erubis (2.7.0)
    hiredis (0.6.3)
    json (2.0.2)
    method_source (0.9.2)
    multi_json (1.12.1)
    mysql2 (0.4.5)
    mysql2-cs-bind (0.0.6)
      mysql2
    pry (0.12.2)
      coderay (~> 1.1.0)
      method_source (~> 0.9.0)
    pry-byebug (3.7.0)
      byebug (~> 11.0)
      pry (~> 0.10)
    puma (3.12.1)
    rack (1.6.10)
    rack-protection (1.5.5)
      rack
    rack-test (0.6.3)
      rack (>= 1.0)
    redis (4.1.1)
    sinatra (1.4.7)
      rack (~> 1.5)
      rack-protection (~> 1.4)
      tilt (>= 1.3, < 3)
    sinatra-contrib (1.4.7)
      backports (>= 2.0)
      multi_json
      rack-protection
      rack-test
      sinatra (~> 1.4.0)
      tilt (>= 1.3, < 3)
    tilt (2.0.5)

PLATFORMS
  ruby

DEPENDENCIES
  erubis
  hiredis
  json
  mysql2-cs-bind
  pry-byebug
  puma
  redis
  sinatra
  sinatra-contrib

BUNDLED WITH
   1.17.2
