GIT
  remote: git://github.com/kainosnoema/rack-lineprof.git
  revision: b625eb7e64ac6e9c652c03be7fb9687400885a57
  specs:
    rack-lineprof (0.0.3)
      rack (>= 1.5)
      rblineprof (~> 0.3.6)
      term-ansicolor (~> 1.3)

GEM
  remote: https://rubygems.org/
  specs:
    backports (3.6.8)
    byebug (11.0.1)
    coderay (1.1.2)
    debugger-ruby_core_source (1.3.8)
    erubis (2.7.0)
    hiredis (0.6.3)
    json (2.0.2)
    method_source (0.9.2)
    multi_json (1.12.1)
    mysql2 (0.4.5)
    mysql2-cs-bind (0.0.6)
      mysql2
    pry (0.12.2)
      coderay (~> 1.1.0)
      method_source (~> 0.9.0)
    pry-byebug (3.7.0)
      byebug (~> 11.0)
      pry (~> 0.10)
    puma (3.12.1)
    rack (1.6.10)
    rack-protection (1.5.5)
      rack
    rack-test (0.6.3)
      rack (>= 1.0)
    rblineprof (0.3.7)
      debugger-ruby_core_source (~> 1.3)
    redis (4.1.1)
    sinatra (1.4.7)
      rack (~> 1.5)
      rack-protection (~> 1.4)
      tilt (>= 1.3, < 3)
    sinatra-contrib (1.4.7)
      backports (>= 2.0)
      multi_json
      rack-protection
      rack-test
      sinatra (~> 1.4.0)
      tilt (>= 1.3, < 3)
    term-ansicolor (1.7.1)
      tins (~> 1.0)
    tilt (2.0.5)
    tins (1.20.2)

PLATFORMS
  ruby

DEPENDENCIES
  erubis
  hiredis
  json
  mysql2-cs-bind
  pry-byebug
  puma
  rack-lineprof!
  redis
  sinatra
  sinatra-contrib

BUNDLED WITH
   1.17.2
