GEM
  remote: https://rubygems.org/
  specs:
    backports (3.6.8)
    json (2.0.2)
    kgio (2.11.0)
    multi_json (1.12.1)
    mysql2 (0.4.5)
    mysql2-cs-bind (0.0.6)
      mysql2
    rack (1.6.10)
    rack-protection (1.5.5)
      rack
    rack-test (0.6.3)
      rack (>= 1.0)
    raindrops (0.17.0)
    sinatra (1.4.7)
      rack (~> 1.5)
      rack-protection (~> 1.4)
      tilt (>= 1.3, < 3)
    sinatra-contrib (1.4.7)
      backports (>= 2.0)
      multi_json
      rack-protection
      rack-test
      sinatra (~> 1.4.0)
      tilt (>= 1.3, < 3)
    tilt (2.0.5)
    unicorn (5.2.0)
      kgio (~> 2.6)
      raindrops (~> 0.7)

PLATFORMS
  ruby

DEPENDENCIES
  json
  mysql2-cs-bind
  sinatra
  sinatra-contrib
  unicorn

BUNDLED WITH
   1.16.2
