GIT
  remote: git://github.com/kainosnoema/rack-lineprof.git
  revision: b625eb7e64ac6e9c652c03be7fb9687400885a57
  specs:
    rack-lineprof (0.0.3)
      rack (>= 1.5)
      rblineprof (~> 0.3.6)
      term-ansicolor (~> 1.3)

GEM
  remote: https://rubygems.org/
  specs:
    backports (3.14.0)
    byebug (11.0.1)
    coderay (1.1.2)
    debugger-ruby_core_source (1.3.8)
    erubis (2.7.0)
    hiredis (0.6.3)
    json (2.2.0)
    method_source (0.9.2)
    multi_json (1.13.1)
    mustermann (1.0.3)
    mysql2 (0.5.2)
    mysql2-cs-bind (0.0.7)
      mysql2
    pry (0.12.2)
      coderay (~> 1.1.0)
      method_source (~> 0.9.0)
    pry-byebug (3.7.0)
      byebug (~> 11.0)
      pry (~> 0.10)
    puma (3.12.1)
    rack (2.0.7)
    rack-protection (2.0.5)
      rack
    rblineprof (0.3.7)
      debugger-ruby_core_source (~> 1.3)
    redis (4.1.1)
    sinatra (2.0.5)
      mustermann (~> 1.0)
      rack (~> 2.0)
      rack-protection (= 2.0.5)
      tilt (~> 2.0)
    sinatra-contrib (2.0.5)
      backports (>= 2.8.2)
      multi_json
      mustermann (~> 1.0)
      rack-protection (= 2.0.5)
      sinatra (= 2.0.5)
      tilt (>= 1.3, < 3)
    term-ansicolor (1.7.1)
      tins (~> 1.0)
    tilt (2.0.9)
    tins (1.20.2)

PLATFORMS
  ruby

DEPENDENCIES
  erubis
  hiredis
  json
  mysql2-cs-bind
  pry-byebug
  puma
  rack-lineprof!
  redis
  sinatra
  sinatra-contrib

BUNDLED WITH
   1.17.2
